PATH
  remote: .
  specs:
    bitmouth (0.0.1)
      hashie
      httparty

GEM
  remote: http://rubygems.org/
  specs:
    crack (0.1.8)
    fakeweb (1.3.0)
    hashie (1.0.0)
    httparty (0.7.8)
      crack (= 0.1.8)
    mustache (0.99.4)
    rake (0.9.2)
    redcarpet (1.17.2)
    redgreen (1.2.2)
    rocco (0.8.1)
      mustache
      redcarpet
    rr (1.0.3)

PLATFORMS
  ruby

DEPENDENCIES
  bitmouth!
  fakeweb
  rake
  redgreen
  rocco
  rr
